GIT
  remote: https://github.com/metanorma/ruby-jing.git
  revision: c28d0204766b502c2239799d2e2605c6d7d7778e
  ref: c28d0204766b502c2239799d2e2605c6d7d7778e
  specs:
    ruby-jing (0.0.1)
      optout (>= 0.0.2)

GIT
  remote: https://github.com/metanorma/sassc-ruby.git
  revision: ce6c3a65b29247476ea1cf1c0f53cf7d5fe46827
  ref: ce6c3a65b29247476ea1cf1c0f53cf7d5fe46827
  specs:
    sassc (2.2.1)
      ffi (~> 1.9)

GEM
  remote: https://rubygems.org/
  specs:
    addressable (2.7.0)
      public_suffix (>= 2.0.2, < 5.0)
    asciidoctor (2.0.10)
    asciimath (1.0.9)
    ast (2.4.0)
    bibtex-ruby (5.1.4)
      latex-decode (~> 0.0)
    byebug (11.1.3)
    camertron-eprun (1.1.1)
    cldr-plurals-runtime-rb (1.0.1)
    cnccs (0.1.6)
    concurrent-ruby (1.1.6)
    domain_name (0.5.20190701)
      unf (>= 0.0.5, < 1.0.0)
    down (5.1.1)
      addressable (~> 2.5)
    faraday (1.0.1)
      multipart-post (>= 1.2, < 3)
    ffi (1.12.2)
    ffi-compiler2 (2.0.0)
      ffi (>= 1.0.0)
      rake
    fontist (0.2.0)
      down (~> 5.0)
      libmspack (~> 0.1.0)
    gb-agencies (0.0.6)
    git (1.7.0)
      rchardet (~> 1.8)
    html2doc (1.0.1)
      asciimath (~> 1.0.9)
      htmlentities (~> 4.3.4)
      image_size
      mime-types
      nokogiri (>= 1.10.4)
      thread_safe
      uuidtools
    htmlentities (4.3.4)
    http-cookie (1.0.3)
      domain_name (~> 0.5)
    iev (0.2.3)
      nokogiri (>= 1.10.4)
    image_size (2.0.2)
    iso-639 (0.2.10)
    iso639 (1.3.2)
    isodoc (1.0.26)
      asciimath
      html2doc (~> 1.0.0)
      htmlentities (~> 4.3.4)
      liquid
      metanorma (~> 1.0.0)
      nokogiri (>= 1.10.4)
      rake (~> 12.0)
      roman-numerals
      sassc (~> 2.2.1)
      thread_safe
      uuidtools
    isoics (0.1.8)
    latex-decode (0.3.1)
    libmspack (0.1.0)
      ffi
      ffi-compiler2 (>= 2.0.0)
    liquid (4.0.3)
    mathml2asciimath (0.0.10)
      htmlentities (~> 4.3.4)
      nokogiri (>= 1.10.4)
    metanorma (1.0.5)
      asciidoctor
      htmlentities
      mn2pdf (~> 1.13)
      nokogiri
    metanorma-acme (1.4.4)
      htmlentities (~> 4.3.4)
      isodoc (~> 1.0.0)
      metanorma-standoc (~> 1.3.0)
      ruby-jing
    metanorma-cli (1.2.12)
      fontist (~> 0.2.0)
      git (~> 1.5)
      isodoc (~> 1.0.0)
      metanorma (~> 1.0.0)
      metanorma-csa (~> 1.4.0)
      metanorma-csd (~> 1.3.0)
      metanorma-gb (~> 1.3.0)
      metanorma-generic (~> 1.4.0)
      metanorma-iec (~> 1.0.0)
      metanorma-ietf (~> 2.0.0)
      metanorma-iho (~> 0.0.1)
      metanorma-iso (~> 1.3.0)
      metanorma-itu (~> 1.0.0)
      metanorma-m3d (~> 1.3.0)
      metanorma-nist (~> 1.0.0)
      metanorma-ogc (~> 1.0.0)
      metanorma-standoc (~> 1.3.0, >= 1.3.18)
      metanorma-un (~> 0.3.1)
      relaton-cli (>= 0.8.2)
      thor (~> 0.20.3)
    metanorma-csa (1.4.10)
      htmlentities (~> 4.3.4)
      image_size
      isodoc (~> 1.0.0)
      metanorma-standoc (~> 1.3.0)
      mime-types
      ruby-jing
      thread_safe
      uuidtools
    metanorma-csand (1.3.9)
      htmlentities (~> 4.3.4)
      image_size
      isodoc (~> 1.0.0)
      metanorma-standoc (~> 1.3.0)
      mime-types
      ruby-jing
      thread_safe
      uuidtools
    metanorma-csd (1.3.21)
      isodoc (~> 1.0.0)
      metanorma-standoc (~> 1.3.0)
    metanorma-gb (1.3.23)
      gb-agencies (~> 0.0.4)
      htmlentities (~> 4.3.4)
      isodoc (~> 1.0.0)
      metanorma-iso (~> 1.3.0)
      twitter_cldr (~> 4.4.4)
    metanorma-generic (1.4.8)
      htmlentities (~> 4.3.4)
      isodoc (~> 1.0.0)
      metanorma-standoc (~> 1.3.0)
      ruby-jing
    metanorma-iec (1.0.6)
      isodoc (~> 1.0.0)
      metanorma-iso (~> 1.3.0)
      ruby-jing
    metanorma-ietf (2.0.10)
      isodoc (~> 1.0.0)
      mathml2asciimath
      metanorma-standoc (~> 1.3.0)
    metanorma-iho (0.0.1)
      htmlentities (~> 4.3.4)
      isodoc (~> 1.0.0)
      metanorma-generic (~> 1.4.0)
      metanorma-standoc (~> 1.3.0)
    metanorma-iso (1.3.24)
      isodoc (~> 1.0.0)
      metanorma-standoc (~> 1.3.0)
      ruby-jing
    metanorma-itu (1.0.15)
      htmlentities (~> 4.3.4)
      isodoc (~> 1.0.0)
      metanorma-standoc (~> 1.3.0)
      ruby-jing
    metanorma-m3d (1.3.19)
      asciimath
      htmlentities (~> 4.3.4)
      image_size
      isodoc (~> 1.0.0)
      metanorma-standoc (~> 1.3.0)
      mime-types
      ruby-jing
      thread_safe
      uuidtools
    metanorma-mpfd (0.3.19)
      htmlentities (~> 4.3.4)
      isodoc (~> 1.0.0)
      metanorma-standoc (~> 1.3.0)
      twitter_cldr
    metanorma-nist (1.0.7)
      htmlentities (~> 4.3.4)
      isodoc (~> 1.0.0)
      metanorma-standoc (~> 1.3.0)
      ruby-jing
      twitter_cldr
      tzinfo-data
    metanorma-ogc (1.0.6)
      htmlentities (~> 4.3.4)
      iso-639
      isodoc (~> 1.0.20)
      metanorma-standoc (~> 1.3.20)
      ruby-jing
    metanorma-rsd (1.4.6)
      htmlentities (~> 4.3.4)
      isodoc (~> 1.0.0)
      metanorma-generic (~> 1.4.0)
      metanorma-standoc (~> 1.3.0)
    metanorma-standoc (1.3.28)
      asciidoctor (~> 2.0.0)
      concurrent-ruby
      iev (~> 0.2.1)
      isodoc (~> 1.0.20)
      mathml2asciimath
      mimemagic
      relaton (~> 1.0.0)
      relaton-iev (~> 1.0.0)
      ruby-jing
      sterile (~> 1.0.14)
      unicode2latex (~> 0.0.1)
    metanorma-un (0.3.8)
      htmlentities (~> 4.3.4)
      iso-639
      isodoc (~> 1.0.0)
      metanorma-standoc (~> 1.3.0)
      roman-numerals
      ruby-jing
      twitter_cldr
    metanorma-unece (0.2.14)
      htmlentities (~> 4.3.4)
      iso-639
      isodoc (~> 1.0.0)
      metanorma-standoc (~> 1.3.0)
      roman-numerals
      ruby-jing
      twitter_cldr
    mime-types (3.3.1)
      mime-types-data (~> 3.2015)
    mime-types-data (3.2020.0512)
    mimemagic (0.3.5)
    mini_portile2 (2.4.0)
    mn2pdf (1.14)
    multipart-post (2.1.1)
    nokogiri (1.10.9)
      mini_portile2 (~> 2.4.0)
    optout (0.0.2)
    parallel (1.19.1)
    parser (2.7.1.2)
      ast (~> 2.4.0)
    public_suffix (4.0.5)
    rainbow (3.0.0)
    rake (12.3.3)
    rchardet (1.8.0)
    relaton (1.0.3)
      relaton-calconnect (>= 1.0.1)
      relaton-gb (~> 1.0.1)
      relaton-iec (>= 1.0.1)
      relaton-ietf (>= 1.0.2)
      relaton-iso (>= 1.0.3)
      relaton-itu (>= 1.0.4)
      relaton-nist (>= 1.0.1)
      relaton-ogc (>= 1.0.1)
      relaton-omg (>= 1.0.1)
      relaton-un (>= 1.0.1)
      relaton-w3c (>= 1.0.1)
    relaton-bib (1.0.3)
      addressable
      bibtex-ruby
      iso639
      nokogiri
    relaton-calconnect (1.0.1)
      faraday
      relaton-iso-bib (>= 1.0.1)
    relaton-cli (1.0.3)
      liquid
      relaton (>= 1.0.3)
      thor
    relaton-gb (1.0.1)
      cnccs (~> 0.1.1)
      gb-agencies (~> 0.0.1)
      relaton-iso-bib (>= 1.0.1)
    relaton-iec (1.0.1)
      addressable
      relaton-iso-bib (>= 1.0.1)
    relaton-ietf (1.0.3)
      relaton-bib (>= 1.0.3)
    relaton-iev (1.0.0)
      relaton (~> 1)
    relaton-iso (1.0.4)
      relaton-iec (>= 1.0.1)
      relaton-iso-bib (>= 1.0.1)
    relaton-iso-bib (1.0.1)
      isoics (~> 0.1.6)
      relaton-bib (>= 1.0.3)
    relaton-itu (1.0.4)
      relaton-iso-bib (>= 1.0.1)
    relaton-nist (1.0.1)
      relaton-bib (>= 1.0.3)
      rubyzip
    relaton-ogc (1.0.1)
      faraday (~> 1.0.0)
      relaton-iso-bib (>= 1.0.1)
    relaton-omg (1.0.1)
      relaton-bib (>= 1.0.3)
    relaton-un (1.0.1)
      faraday
      http-cookie
      relaton-iso-bib (>= 1.0.1)
      unf_ext (>= 0.0.7.7)
    relaton-w3c (1.0.1)
      relaton-bib (>= 1.0.3)
    rexml (3.2.4)
    roman-numerals (0.3.0)
    rubocop (0.84.0)
      parallel (~> 1.10)
      parser (>= 2.7.0.1)
      rainbow (>= 2.2.2, < 4.0)
      rexml
      rubocop-ast (>= 0.0.3)
      ruby-progressbar (~> 1.7)
      unicode-display_width (>= 1.4.0, < 2.0)
    rubocop-ast (0.0.3)
      parser (>= 2.7.0.1)
    ruby-progressbar (1.10.1)
    rubyzip (2.3.0)
    sterile (1.0.16)
      nokogiri (>= 1.10.8)
    thor (0.20.3)
    thread_safe (0.3.6)
    twitter_cldr (4.4.5)
      camertron-eprun
      cldr-plurals-runtime-rb (~> 1.0)
      tzinfo
    tzinfo (2.0.2)
      concurrent-ruby (~> 1.0)
    tzinfo-data (1.2020.1)
      tzinfo (>= 1.0.0)
    unf (0.1.4)
      unf_ext
    unf_ext (0.0.7.7)
    unicode-display_width (1.7.0)
    unicode2latex (0.0.3)
    uuidtools (2.1.5)

PLATFORMS
  ruby

DEPENDENCIES
  byebug
  iso-639 (= 0.2.10)
  metanorma
  metanorma-acme
  metanorma-cli (= 1.2.12)
  metanorma-csand
  metanorma-csd
  metanorma-gb
  metanorma-iec
  metanorma-ietf
  metanorma-itu
  metanorma-m3d
  metanorma-mpfd
  metanorma-nist
  metanorma-ogc
  metanorma-rsd
  metanorma-standoc
  metanorma-unece
  rubocop
  ruby-jing!
  sassc!

BUNDLED WITH
   1.17.3
