GIT
  remote: https://github.com/metanorma/ruby-jing.git
  revision: c28d0204766b502c2239799d2e2605c6d7d7778e
  ref: c28d0204766b502c2239799d2e2605c6d7d7778e
  specs:
    ruby-jing (0.0.1)
      optout (>= 0.0.2)

GIT
  remote: https://github.com/metanorma/sassc-ruby.git
  revision: 8b9273ebfdd20f8c7e4d1aa0fd70b3b613128126
  ref: 8b9273ebfdd20f8c7e4d1aa0fd70b3b613128126
  specs:
    sassc (2.2.1)
      ffi (~> 1.9)

GEM
  remote: https://rubygems.org/
  specs:
    addressable (2.7.0)
      public_suffix (>= 2.0.2, < 5.0)
    asciidoctor (1.5.8)
    asciimath (1.0.9)
    ast (2.4.0)
    byebug (11.0.1)
    camertron-eprun (1.1.1)
    cldr-plurals-runtime-rb (1.0.1)
    cnccs (0.1.5)
    concurrent-ruby (1.1.5)
    faraday (0.17.0)
      multipart-post (>= 1.2, < 3)
    ffi (1.11.1)
    gb-agencies (0.0.6)
    git (1.5.0)
    html2doc (0.9.0)
      asciimath (~> 1.0.9)
      htmlentities (~> 4.3.4)
      image_size
      mime-types
      nokogiri (>= 1.10.4)
      thread_safe
      uuidtools
    htmlentities (4.3.4)
    iev (0.2.3)
      nokogiri (>= 1.10.4)
    image_size (2.0.2)
    iso-639 (0.2.8)
    isodoc (1.0.6)
      asciimath
      html2doc (~> 0.9.0)
      htmlentities (~> 4.3.4)
      liquid
      metanorma (~> 0.3.0)
      nokogiri (>= 1.10.4)
      rake (~> 12.0)
      roman-numerals
      sassc (~> 2.2.1)
      thread_safe
      uuidtools
    isoics (0.1.8)
    jaro_winkler (1.5.4)
    liquid (4.0.3)
    metanorma (0.3.16)
      asciidoctor
      htmlentities
    metanorma-acme (1.3.5)
      asciidoctor (~> 1.5.7)
      htmlentities (~> 4.3.4)
      isodoc (~> 1.0.0)
      metanorma-standoc (~> 1.3.0)
      ruby-jing
    metanorma-cli (1.2.7.1)
      git (~> 1.5)
      isodoc (~> 1.0.0)
      metanorma (~> 0.3.9)
      metanorma-acme (~> 1.3.0)
      metanorma-csand (~> 1.3.0)
      metanorma-csd (~> 1.3.0)
      metanorma-gb (~> 1.3.0)
      metanorma-iec (~> 0.0.5)
      metanorma-ietf (~> 1.0.1)
      metanorma-iso (~> 1.3.0)
      metanorma-itu (~> 0.2.0)
      metanorma-m3d (~> 1.3.0)
      metanorma-nist (~> 0.2.0)
      metanorma-ogc (~> 0.2.0)
      metanorma-standoc (~> 1.3.0)
      metanorma-unece (~> 0.2.0)
      thor (~> 0.20.3)
    metanorma-csand (1.3.5)
      asciidoctor (~> 1.5.7)
      asciimath
      htmlentities (~> 4.3.4)
      image_size
      isodoc (~> 1.0.0)
      metanorma-standoc (~> 1.3.0)
      mime-types
      ruby-jing
      thread_safe
      uuidtools
    metanorma-csd (1.3.5)
      isodoc (~> 1.0.0)
      metanorma-standoc (~> 1.3.0)
    metanorma-gb (1.3.6)
      gb-agencies (~> 0.0.4)
      htmlentities (~> 4.3.4)
      isodoc (~> 1.0.0)
      metanorma-iso (~> 1.3.0)
      twitter_cldr (~> 4.4.4)
    metanorma-iec (0.0.9)
      asciidoctor (~> 1.5.7)
      isodoc (~> 1.0.0)
      metanorma-iso (~> 1.3.0)
      ruby-jing
    metanorma-ietf (1.0.6)
      isodoc (~> 1.0.0)
      metanorma-standoc (~> 1.3.0)
    metanorma-iso (1.3.6)
      asciidoctor (~> 1.5.7)
      isodoc (~> 1.0.0)
      metanorma-standoc (~> 1.3.0)
      ruby-jing
    metanorma-itu (0.2.8)
      asciidoctor (~> 1.5.7)
      htmlentities (~> 4.3.4)
      isodoc (~> 1.0.0)
      metanorma-standoc (~> 1.3.0)
      ruby-jing
    metanorma-m3d (1.3.5)
      asciidoctor (~> 1.5.7)
      asciimath
      htmlentities (~> 4.3.4)
      image_size
      isodoc (~> 1.0.0)
      metanorma-standoc (~> 1.3.0)
      mime-types
      ruby-jing
      thread_safe
      uuidtools
    metanorma-mpfd (0.3.5)
      asciidoctor (~> 1.5.7)
      htmlentities (~> 4.3.4)
      isodoc (~> 1.0.0)
      metanorma-standoc (~> 1.3.0)
      twitter_cldr
    metanorma-nist (0.2.3)
      asciidoctor (~> 1.5.7)
      htmlentities (~> 4.3.4)
      isodoc (~> 1.0.0)
      metanorma-standoc (~> 1.3.0)
      ruby-jing
      twitter_cldr
      tzinfo-data
    metanorma-ogc (0.2.6)
      asciidoctor (~> 1.5.7)
      htmlentities (~> 4.3.4)
      iso-639
      isodoc (~> 1.0.0)
      metanorma-standoc (~> 1.3.0)
      ruby-jing
    metanorma-rsd (1.3.5)
      asciidoctor (~> 1.5.7)
      htmlentities (~> 4.3.4)
      isodoc (~> 1.0.0)
      metanorma-standoc (~> 1.3.0)
    metanorma-standoc (1.3.6)
      asciidoctor (~> 1.5.7)
      concurrent-ruby
      html2doc (~> 0.9.0)
      iev (~> 0.2.1)
      isodoc (~> 1.0.0)
      mimemagic
      relaton (~> 0.5.0)
      relaton-iev (~> 0.1.0)
      ruby-jing
      sterile (~> 1.0.14)
      unicode2latex (~> 0.0.1)
    metanorma-unece (0.2.7)
      asciidoctor (~> 1.5.7)
      htmlentities (~> 4.3.4)
      iso-639
      isodoc (~> 1.0.0)
      metanorma-standoc (~> 1.3.0)
      roman-numerals
      ruby-jing
      twitter_cldr
    mime-types (3.3)
      mime-types-data (~> 3.2015)
    mime-types-data (3.2019.1009)
    mimemagic (0.3.3)
    mini_portile2 (2.4.0)
    multipart-post (2.1.1)
    nokogiri (1.10.5)
      mini_portile2 (~> 2.4.0)
    optout (0.0.2)
    parallel (1.18.0)
    parser (2.6.5.0)
      ast (~> 2.4.0)
    public_suffix (4.0.1)
    rainbow (3.0.0)
    rake (12.3.3)
    relaton (0.5.9)
      relaton-gb (~> 0.6.0)
      relaton-iec (~> 0.4.0)
      relaton-ietf (~> 0.6.0)
      relaton-iso (~> 0.6.0)
      relaton-itu (~> 0.3.0)
      relaton-nist (~> 0.3.0)
      relaton-ogc (~> 0.1.0)
    relaton-bib (0.3.12)
      addressable
      nokogiri
    relaton-gb (0.6.7)
      cnccs (~> 0.1.1)
      gb-agencies (~> 0.0.1)
      relaton-iso-bib (~> 0.3.0)
    relaton-iec (0.4.10)
      addressable
      relaton-iso-bib (~> 0.3.0)
    relaton-ietf (0.6.8)
      relaton-bib (~> 0.3.0)
    relaton-iev (0.1.1)
      relaton (~> 0.5.0)
    relaton-iso (0.6.9)
      relaton-iec (~> 0.4.0)
      relaton-iso-bib (~> 0.3.0)
    relaton-iso-bib (0.3.12)
      isoics (~> 0.1.6)
      relaton-bib (~> 0.3.0)
      ruby_deep_clone (~> 0.8.0)
    relaton-itu (0.3.7)
      relaton-iso-bib (~> 0.3.0)
    relaton-nist (0.3.8)
      relaton-bib (~> 0.3.0)
      rubyzip
    relaton-ogc (0.1.4)
      faraday
      relaton-iso-bib (~> 0.3.0)
    roman-numerals (0.3.0)
    rubocop (0.76.0)
      jaro_winkler (~> 1.5.1)
      parallel (~> 1.10)
      parser (>= 2.6)
      rainbow (>= 2.2.2, < 4.0)
      ruby-progressbar (~> 1.7)
      unicode-display_width (>= 1.4.0, < 1.7)
    ruby-progressbar (1.10.1)
    ruby_deep_clone (0.8.0)
    rubyzip (2.0.0)
    sterile (1.0.14)
      nokogiri
    thor (0.20.3)
    thread_safe (0.3.6)
    twitter_cldr (4.4.5)
      camertron-eprun
      cldr-plurals-runtime-rb (~> 1.0)
      tzinfo
    tzinfo (2.0.0)
      concurrent-ruby (~> 1.0)
    tzinfo-data (1.2019.3)
      tzinfo (>= 1.0.0)
    unicode-display_width (1.6.0)
    unicode2latex (0.0.3)
    uuidtools (2.1.5)

PLATFORMS
  ruby

DEPENDENCIES
  byebug
  metanorma
  metanorma-acme
  metanorma-cli (~> 1.2)
  metanorma-csand
  metanorma-csd
  metanorma-gb
  metanorma-iec
  metanorma-ietf
  metanorma-itu
  metanorma-m3d
  metanorma-mpfd
  metanorma-nist (= 0.2.3)
  metanorma-ogc
  metanorma-rsd
  metanorma-standoc
  metanorma-unece
  relaton (= 0.5.9)
  relaton-nist (~> 0.3.8)
  rubocop
  ruby-jing!
  sassc!

BUNDLED WITH
   1.17.3
